PATH
  remote: .
  specs:
    meiou (0.1.1)
      pstore
      rwordnet
      textmood
      tokenizer
      tokipona
      wikipedia-client

GEM
  remote: https://rubygems.org/
  specs:
    addressable (2.8.6)
      public_suffix (>= 2.0.2, < 6.0)
    pstore (0.1.3)
    public_suffix (5.0.4)
    rake (13.1.0)
    rwordnet (2.0.0)
    textmood (0.1.3)
    tokenizer (0.3.0)
    tokipona (0.1.0)
    wikipedia-client (1.17.0)
      addressable (~> 2.7)

PLATFORMS
  ruby
  x86_64-linux

DEPENDENCIES
  meiou!
  rake (~> 13.0)

BUNDLED WITH
   2.5.4
